GEM
  remote: https://rubygems.org/
  specs:
    coffee-script (2.4.1)
      coffee-script-source
      execjs
    coffee-script-source (1.12.2)
    dalli (2.7.11)
    emoji_data (0.2.0)
    execjs (2.7.0)
    ffi (1.15.0)
    kgio (2.11.3)
    memcachier (0.0.2)
    mustermann (1.1.1)
      ruby2_keywords (~> 0.0.1)
    newrelic_rpm (7.0.0)
    rack (2.2.3)
    rack-cache (1.12.1)
      rack (>= 0.4)
    rack-protection (2.1.0)
      rack
    rack-timeout (0.6.0)
    raindrops (0.19.1)
    rb-fsevent (0.11.0)
    rb-inotify (0.10.1)
      ffi (~> 1.0)
    ruby2_keywords (0.0.4)
    sass (3.7.4)
      sass-listen (~> 4.0.0)
    sass-listen (4.0.0)
      rb-fsevent (~> 0.9, >= 0.9.4)
      rb-inotify (~> 0.9, >= 0.9.7)
    sinatra (2.1.0)
      mustermann (~> 1.0)
      rack (~> 2.2)
      rack-protection (= 2.1.0)
      tilt (~> 2.0)
    slim (4.1.0)
      temple (>= 0.7.6, < 0.9)
      tilt (>= 2.0.6, < 2.1)
    temple (0.8.2)
    tilt (2.0.10)
    unicorn (5.8.0)
      kgio (~> 2.6)
      raindrops (~> 0.7)

PLATFORMS
  ruby

DEPENDENCIES
  coffee-script (~> 2.4.1)
  dalli (~> 2.7.4)
  emoji_data (~> 0.2.0)
  memcachier (~> 0.0.2)
  newrelic_rpm
  rack (~> 2.2.3)
  rack-cache (~> 1.12.1)
  rack-timeout (~> 0.6.0)
  sass (~> 3.7.4)
  sinatra (~> 2.1.0)
  slim (~> 4.1.0)
  unicorn (~> 5.8.0)

RUBY VERSION
   ruby 2.7.3p183

BUNDLED WITH
   2.1.4
