GEM
  remote: https://rubygems.org/
  specs:
    coffee-script (2.2.0)
      coffee-script-source
      execjs
    coffee-script-source (1.12.2)
    dalli (2.7.11)
    emoji_data (0.2.0)
    execjs (2.7.0)
    kgio (2.11.3)
    memcachier (0.0.2)
    mustermann (1.1.1)
      ruby2_keywords (~> 0.0.1)
    newrelic_rpm (7.0.0)
    rack (2.2.3)
    rack-cache (1.12.1)
      rack (>= 0.4)
    rack-protection (2.1.0)
      rack
    rack-timeout (0.6.0)
    raindrops (0.19.1)
    ruby2_keywords (0.0.4)
    sass (3.2.19)
    sinatra (2.1.0)
      mustermann (~> 1.0)
      rack (~> 2.2)
      rack-protection (= 2.1.0)
      tilt (~> 2.0)
    slim (2.0.3)
      temple (~> 0.6.6)
      tilt (>= 1.3.3, < 2.1)
    temple (0.6.10)
    tilt (2.0.10)
    unicorn (5.8.0)
      kgio (~> 2.6)
      raindrops (~> 0.7)

PLATFORMS
  ruby

DEPENDENCIES
  coffee-script (~> 2.2.0)
  dalli (~> 2.7.4)
  emoji_data (~> 0.2.0)
  memcachier (~> 0.0.2)
  newrelic_rpm
  rack (~> 2.2.3)
  rack-cache (~> 1.12.1)
  rack-timeout (~> 0.6.0)
  sass (~> 3.2.12)
  sinatra (~> 2.1.0)
  slim (~> 2.0.2)
  unicorn (~> 5.8.0)

RUBY VERSION
   ruby 2.7.3p183

BUNDLED WITH
   2.1.4
